GIT
  remote: https://github.com/mr-dxdy/sequel-pg-comment.git
  revision: 88f91b550e4133b5fc865dfe2ce8692652f3163f
  branch: remove_git-version-bump
  specs:
    sequel-pg-comment (2.0.1)
      sequel

GEM
  remote: https://rubygems.org/
  specs:
    activesupport (5.2.4.3)
      concurrent-ruby (~> 1.0, >= 1.0.2)
      i18n (>= 0.7, < 2)
      minitest (~> 5.1)
      tzinfo (~> 1.1)
    ast (2.4.0)
    coderay (1.1.2)
    concurrent-ruby (1.1.6)
    dotenv (2.7.2)
    foreman (0.85.0)
      thor (~> 0.19.1)
    i18n (1.8.2)
      concurrent-ruby (~> 1.0)
    jaro_winkler (1.5.2)
    memoist (0.15.0)
    method_source (0.9.2)
    minitest (5.14.1)
    mustermann (1.0.3)
    nio4r (2.5.7)
    numbers_in_words (0.4.0)
      activesupport
    parallel (1.17.0)
    parser (2.6.2.0)
      ast (~> 2.4.0)
    pg (1.1.4)
    pg (1.1.4-x64-mingw32)
    pg (1.1.4-x86-mingw32)
    powerpack (0.1.2)
    pry (0.12.2)
      coderay (~> 1.1.0)
      method_source (~> 0.9.0)
    puma (4.3.8)
      nio4r (~> 2.0)
    rack (2.2.3)
    rack-protection (2.0.5)
      rack
    rainbow (3.0.0)
    rake (12.3.3)
    roman-numerals (0.3.0)
    rubocop (0.64.0)
      jaro_winkler (~> 1.5.1)
      parallel (~> 1.10)
      parser (>= 2.5, != 2.5.1.1)
      powerpack (~> 0.1)
      rainbow (>= 2.2.2, < 4.0)
      ruby-progressbar (~> 1.7)
      unicode-display_width (~> 1.4.0)
    ruby-progressbar (1.10.0)
    sequel (5.19.0)
    sequel_pg (1.12.0)
      pg (>= 0.18.0)
      sequel (>= 4.38.0)
    sinatra (2.0.5)
      mustermann (~> 1.0)
      rack (~> 2.0)
      rack-protection (= 2.0.5)
      tilt (~> 2.0)
    sinatra-cors (1.1.0)
    thor (0.19.4)
    thread_safe (0.3.6)
    tilt (2.0.9)
    tzinfo (1.2.7)
      thread_safe (~> 0.1)
    unicode-display_width (1.4.1)

PLATFORMS
  mingw32
  ruby
  x86_64-linux

DEPENDENCIES
  activesupport (~> 5.2)
  dotenv (~> 2.5)
  foreman
  memoist (~> 0.15.0)
  numbers_in_words (~> 0.4.0)
  pg (~> 1.1)
  pry
  puma (~> 4.3)
  rake (~> 12.3)
  roman-numerals (~> 0.3.0)
  rubocop (~> 0.62)
  sequel (~> 5.10)
  sequel-pg-comment!
  sequel_pg (~> 1.11)
  sinatra (~> 2.0)
  sinatra-cors (~> 1.1)

RUBY VERSION
   ruby 2.5.1p57

BUNDLED WITH
   2.0.1
